GEM
  remote: https://rubygems.org/
  specs:
    backports (3.11.1)
    date (1.0.0)
    httparty (0.16.1)
      multi_xml (>= 0.5.2)
    json (2.1.0)
    multi_json (1.13.1)
    multi_xml (0.6.0)
    mustermann (1.0.1)
    rack (2.0.3)
    rack-protection (2.0.0)
      rack
    sinatra (2.0.0)
      mustermann (~> 1.0)
      rack (~> 2.0)
      rack-protection (= 2.0.0)
      tilt (~> 2.0)
    sinatra-contrib (2.0.0)
      backports (>= 2.0)
      multi_json
      mustermann (~> 1.0)
      rack-protection (= 2.0.0)
      sinatra (= 2.0.0)
      tilt (>= 1.3, < 3)
    sinatra-reloader (1.0)
      sinatra-contrib
    tilt (2.0.8)

PLATFORMS
  ruby

DEPENDENCIES
  date
  httparty
  json
  rack
  sinatra
  sinatra-reloader

BUNDLED WITH
   1.16.2
